GEM
  remote: https://rubygems.org/
  specs:
    coderay (1.0.6)
    diff-lcs (1.1.3)
    ffi (1.0.11)
    gherkin (2.9.3)
      json (>= 1.4.6)
    gosu (0.7.45)
    guard (1.0.2)
      ffi (>= 0.5.0)
      thor (~> 0.14.6)
    guard-rspec (0.7.0)
      guard (>= 0.10.0)
    json (1.7.0)
    method_source (0.7.1)
    pry (0.9.9.6)
      coderay (~> 1.0.5)
      method_source (~> 0.7.1)
      slop (>= 2.4.4, < 3)
    rspec (2.9.0)
      rspec-core (~> 2.9.0)
      rspec-expectations (~> 2.9.0)
      rspec-mocks (~> 2.9.0)
    rspec-core (2.9.0)
    rspec-expectations (2.9.1)
      diff-lcs (~> 1.1.3)
    rspec-mocks (2.9.0)
    slop (2.4.4)
    thor (0.14.6)
    turnip (0.3.0)
      gherkin (>= 2.5)
      rspec (~> 2.0)

PLATFORMS
  ruby

DEPENDENCIES
  gosu
  guard
  guard-rspec
  pry
  rspec
  turnip
